GEM
  remote: https://rubygems.org/
  specs:
    diff-lcs (1.2.5)
    eventmachine (1.2.0.1)
    rake (0.9.6)
    rspec (3.5.0)
      rspec-core (~> 3.5.0)
      rspec-expectations (~> 3.5.0)
      rspec-mocks (~> 3.5.0)
    rspec-core (3.5.4)
      rspec-support (~> 3.5.0)
    rspec-expectations (3.5.0)
      diff-lcs (>= 1.2.0, < 2.0)
      rspec-support (~> 3.5.0)
    rspec-mocks (3.5.0)
      diff-lcs (>= 1.2.0, < 2.0)
      rspec-support (~> 3.5.0)
    rspec-support (3.5.0)
    sensu-extension (1.5.1)
      eventmachine

PLATFORMS
  ruby

DEPENDENCIES
  rake
  rspec
  sensu-extension

BUNDLED WITH
   1.13.6
